GIT
  remote: git://github.com/SysMO-DB/redbox
  revision: 494451d01aeeb70b186783d08b6b9aefcb537e98
  specs:
    redbox (1.0.4)

GIT
  remote: git://github.com/myGrid/annotations.git
  revision: d33e78993ee957fa12d71cbe9f03100dd9b0ad15
  specs:
    my_annotations (0.6.0)

GIT
  remote: git://github.com/rails/prototype-rails.git
  revision: 967bc9b5cafe5a1e92d646b7d7b2d900a596147b
  specs:
    prototype-rails (3.2.1)
      rails (~> 3.2)

GIT
  remote: https://github.com/neubloc/white_list.git
  revision: fef96494da6259763ddafd7edbec7e7afe3c2fcd
  specs:
    white_list (0.0.1)

PATH
  remote: vendor/gems/version_info-0.7.1
  specs:
    version_info (0.7.1)

GEM
  remote: https://rubygems.org/
  specs:
    SystemTimer (1.2.3)
    actionmailer (3.2.13)
      actionpack (= 3.2.13)
      mail (~> 2.5.3)
    actionpack (3.2.13)
      activemodel (= 3.2.13)
      activesupport (= 3.2.13)
      builder (~> 3.0.0)
      erubis (~> 2.7.0)
      journey (~> 1.0.4)
      rack (~> 1.4.5)
      rack-cache (~> 1.2)
      rack-test (~> 0.6.1)
      sprockets (~> 2.2.1)
    activemodel (3.2.13)
      activesupport (= 3.2.13)
      builder (~> 3.0.0)
    activerecord (3.2.13)
      activemodel (= 3.2.13)
      activesupport (= 3.2.13)
      arel (~> 3.0.2)
      tzinfo (~> 0.3.29)
    activeresource (3.2.13)
      activemodel (= 3.2.13)
      activesupport (= 3.2.13)
    activesupport (3.2.13)
      i18n (= 0.6.1)
      multi_json (~> 1.0)
    acts_as_trashable (1.0.6)
      activerecord (>= 2.2)
    addressable (2.3.5)
    arel (3.0.2)
    better_logging (1.0.3)
    bourne (1.5.0)
      mocha (>= 0.13.2, < 0.15)
    builder (3.0.4)
    cgi_multipart_eof_fix (2.5.0)
    country-select (1.1.1)
    crack (0.4.0)
      safe_yaml (~> 0.9.0)
    daemons (1.1.9)
    dalli (2.6.4)
    delayed_job (3.0.5)
      activesupport (~> 3.0)
    delayed_job_active_record (0.4.4)
      activerecord (>= 2.1.0, < 4)
      delayed_job (~> 3.0)
    dnsruby (1.54)
    erubis (2.7.0)
    exception_notification (3.0.1)
      actionmailer (>= 3.0.4)
    factory_girl (2.6.4)
      activesupport (>= 2.3.9)
    factory_girl_rails (1.7.0)
      factory_girl (~> 2.6.0)
      railties (>= 3.0.0)
    faraday (0.8.7)
      multipart-post (~> 1.1)
    fastthread (1.0.7)
    gem_plugin (0.2.3)
    geokit (1.6.5)
      multi_json
    google_analytics (1.1.5)
      actionpack
      activesupport
    hike (1.2.3)
    httparty (0.11.0)
      multi_json (~> 1.0)
      multi_xml (>= 0.5.2)
    httpauth (0.2.0)
    httpclient (2.3.3)
    i18n (0.6.1)
    journey (1.0.4)
    json (1.8.0)
    json_pure (1.8.0)
    jwt (0.1.8)
      multi_json (>= 1.5)
    libxml-ruby (2.6.0)
    mail (2.5.3)
      i18n (>= 0.4.0)
      mime-types (~> 1.16)
      treetop (~> 1.4.8)
    markaby (0.7.2)
      builder (>= 2.0.0)
    mash (0.1.1)
    memcache-client (1.8.5)
    metaclass (0.0.1)
    mime-types (1.23)
    mocha (0.14.0)
      metaclass (~> 0.0.1)
    mongrel (1.1.5)
      cgi_multipart_eof_fix (>= 2.4)
      daemons (>= 1.0.3)
      fastthread (>= 1.0.1)
      gem_plugin (>= 0.2.3)
    multi_json (1.7.7)
    multi_xml (0.5.4)
    multipart-post (1.2.0)
    mysql2 (0.3.11)
    oauth (0.4.7)
    oauth-plugin (0.4.1)
      multi_json
      oauth (~> 0.4.4)
      oauth2 (>= 0.5.0)
      rack
    oauth2 (0.9.2)
      faraday (~> 0.8)
      httpauth (~> 0.2)
      jwt (~> 0.1.4)
      multi_json (~> 1.0)
      multi_xml (~> 0.5)
      rack (~> 1.2)
    polyglot (0.3.3)
    rack (1.4.5)
    rack-cache (1.2)
      rack (>= 0.4)
    rack-ssl (1.3.3)
      rack
    rack-test (0.6.2)
      rack (>= 1.0)
    rails (3.2.13)
      actionmailer (= 3.2.13)
      actionpack (= 3.2.13)
      activerecord (= 3.2.13)
      activeresource (= 3.2.13)
      activesupport (= 3.2.13)
      bundler (~> 1.0)
      railties (= 3.2.13)
    rails_autolink (1.1.0)
      rails (> 3.1)
    railties (3.2.13)
      actionpack (= 3.2.13)
      activesupport (= 3.2.13)
      rack-ssl (~> 1.3.2)
      rake (>= 0.8.7)
      rdoc (~> 3.4)
      thor (>= 0.14.6, < 2.0)
    rake (10.1.0)
    rdoc (3.12.2)
      json (~> 1.4)
    rpx_now (0.7.1)
      json_pure
    ruby-hmac (0.4.0)
    safe_yaml (0.9.3)
    seer (0.10.0)
    shoulda (3.1.1)
      shoulda-context (~> 1.0)
      shoulda-matchers (~> 1.2)
    shoulda-context (1.1.4)
    shoulda-matchers (1.5.6)
      activesupport (>= 3.0.0)
      bourne (~> 1.3)
    simple_oauth (0.2.0)
    soap4r (1.5.8)
      httpclient (>= 2.1.1)
    solr-ruby (0.0.8)
    sprockets (2.2.2)
      hike (~> 1.2)
      multi_json (~> 1.0)
      rack (~> 1.0)
      tilt (~> 1.1, != 1.3.0)
    thor (0.18.1)
    tilt (1.4.1)
    treetop (1.4.14)
      polyglot
      polyglot (>= 0.3.1)
    twitter (4.8.1)
      faraday (~> 0.8, < 0.10)
      multi_json (~> 1.0)
      simple_oauth (~> 0.2)
    tzinfo (0.3.37)
    validates_email_format_of (1.5.3)
    validates_existence (0.8.0)
    will_paginate (3.0.4)

PLATFORMS
  ruby

DEPENDENCIES
  SystemTimer
  acts_as_trashable
  addressable
  better_logging
  country-select
  crack
  daemons
  dalli
  delayed_job_active_record
  dnsruby
  exception_notification (< 4.0.0)
  factory_girl (<= 2.6.5)
  factory_girl_rails (< 4.0)
  geokit
  google_analytics
  httparty
  json
  libxml-ruby (= 2.6.0)
  mail (= 2.5.3)
  markaby
  mash
  memcache-client
  mongrel
  my_annotations!
  mysql2
  oauth-plugin
  prototype-rails!
  rails (~> 3.2.13)
  rails_autolink
  rake
  rdoc (~> 3.4)
  redbox!
  rpx_now
  ruby-hmac
  seer
  shoulda (< 3.2.0)
  soap4r
  solr-ruby
  twitter
  tzinfo
  validates_email_format_of
  validates_existence
  version_info (= 0.7.1)!
  white_list!
  will_paginate
