PATH
  remote: vendor/gems/version_info-0.7.1
  specs:
    version_info (0.7.1)

GEM
  remote: https://rubygems.org/
  specs:
    SystemTimer (1.2.3)
    actionmailer (2.3.18)
      actionpack (= 2.3.18)
    actionpack (2.3.18)
      activesupport (= 2.3.18)
      rack (~> 1.1.0)
    activerecord (2.3.18)
      activesupport (= 2.3.18)
    activeresource (2.3.18)
      activesupport (= 2.3.18)
    activesupport (2.3.18)
    acts_as_trashable (1.0.6)
      activerecord (>= 2.2)
    addressable (2.3.4)
    builder (3.2.0)
    cgi_multipart_eof_fix (2.5.0)
    crack (0.3.2)
    daemons (1.0.10)
    delayed_job (2.0.7)
      activesupport (~> 2.0)
      daemons (= 1.0.10)
    dnsruby (1.53)
    factory_girl (2.6.4)
      activesupport (>= 2.3.9)
    faraday (0.8.7)
      multipart-post (~> 1.1)
    fastthread (1.0.7)
    gem_plugin (0.2.3)
    geokit (1.6.5)
      multi_json
    google_analytics (1.1.5)
      actionpack
      activesupport
    httparty (0.11.0)
      multi_json (~> 1.0)
      multi_xml (>= 0.5.2)
    httpclient (2.3.3)
    json (1.7.7)
    json_pure (1.7.7)
    libxml-ruby (2.6.0)
    markaby (0.7.2)
      builder (>= 2.0.0)
    mash (0.1.1)
    memcache-client (1.8.5)
    metaclass (0.0.1)
    mocha (0.13.3)
      metaclass (~> 0.0.1)
    mongrel (1.1.5)
      cgi_multipart_eof_fix (>= 2.4)
      daemons (>= 1.0.3)
      fastthread (>= 1.0.1)
      gem_plugin (>= 0.2.3)
    multi_json (1.7.2)
    multi_xml (0.5.3)
    multipart-post (1.2.0)
    my_annotations (0.5.1)
    mysql2 (0.2.18)
    oauth (0.4.7)
    rack (1.1.6)
    rails (2.3.18)
      actionmailer (= 2.3.18)
      actionpack (= 2.3.18)
      activerecord (= 2.3.18)
      activeresource (= 2.3.18)
      activesupport (= 2.3.18)
      rake (>= 0.8.3)
    rake (10.0.4)
    rdoc (4.0.1)
      json (~> 1.4)
    redbox (1.0.4)
    rpx_now (0.6.24)
      json_pure
    ruby-hmac (0.4.0)
    seer (0.10.0)
    simple_oauth (0.2.0)
    soap4r (1.5.8)
      httpclient (>= 2.1.1)
    solr-ruby (0.0.8)
    twitter (4.6.2)
      faraday (~> 0.8, < 0.10)
      multi_json (~> 1.0)
      simple_oauth (~> 0.2)
    tzinfo (0.3.37)
    validates_existence (0.8.0)
    validates_url_format_of (0.1.3)
      activerecord (~> 2.3.4)

PLATFORMS
  ruby

DEPENDENCIES
  SystemTimer
  acts_as_trashable
  addressable
  crack
  daemons
  delayed_job
  dnsruby
  factory_girl
  geokit
  google_analytics
  httparty
  json
  libxml-ruby
  markaby
  mash
  memcache-client
  mocha
  mongrel
  my_annotations
  mysql2 (< 0.3)
  oauth
  rails (= 2.3.18)
  rake
  rdoc
  redbox
  rpx_now
  ruby-hmac
  seer
  soap4r
  solr-ruby
  twitter
  tzinfo
  validates_existence
  validates_url_format_of
  version_info (= 0.7.1)!
