PATH
  remote: vendor/gems/version_info-0.7.1
  specs:
    version_info (0.7.1)

GEM
  remote: https://rubygems.org/
  specs:
    SystemTimer (1.2.3)
    abstract (1.0.0)
    actionmailer (3.0.6)
      actionpack (= 3.0.6)
      mail (~> 2.2.15)
    actionpack (3.0.6)
      activemodel (= 3.0.6)
      activesupport (= 3.0.6)
      builder (~> 2.1.2)
      erubis (~> 2.6.6)
      i18n (~> 0.5.0)
      rack (~> 1.2.1)
      rack-mount (~> 0.6.14)
      rack-test (~> 0.5.7)
      tzinfo (~> 0.3.23)
    activemodel (3.0.6)
      activesupport (= 3.0.6)
      builder (~> 2.1.2)
      i18n (~> 0.5.0)
    activerecord (3.0.6)
      activemodel (= 3.0.6)
      activesupport (= 3.0.6)
      arel (~> 2.0.2)
      tzinfo (~> 0.3.23)
    activeresource (3.0.6)
      activemodel (= 3.0.6)
      activesupport (= 3.0.6)
    activesupport (3.0.6)
    acts_as_trashable (1.0.6)
      activerecord (>= 2.2)
    addressable (2.3.4)
    arel (2.0.10)
    better_logging (1.0.3)
    builder (2.1.2)
    cgi_multipart_eof_fix (2.5.0)
    crack (0.3.2)
    daemons (1.1.9)
    delayed_job (3.0.5)
      activesupport (~> 3.0)
    dnsruby (1.53)
    erubis (2.6.6)
      abstract (>= 1.0.0)
    exception_notification (3.0.1)
      actionmailer (>= 3.0.4)
    factory_girl (2.6.4)
      activesupport (>= 2.3.9)
    faraday (0.8.7)
      multipart-post (~> 1.1)
    fastthread (1.0.7)
    gem_plugin (0.2.3)
    geokit (1.6.5)
      multi_json
    google_analytics (1.1.5)
      actionpack
      activesupport
    httparty (0.11.0)
      multi_json (~> 1.0)
      multi_xml (>= 0.5.2)
    httpclient (2.3.3)
    i18n (0.5.0)
    json (1.8.0)
    json_pure (1.8.0)
    libxml-ruby (2.6.0)
    mail (2.2.20)
      activesupport (>= 2.3.6)
      i18n (>= 0.4.0)
      mime-types (~> 1.16)
      treetop (~> 1.4.8)
    markaby (0.7.2)
      builder (>= 2.0.0)
    mash (0.1.1)
    memcache-client (1.8.5)
    metaclass (0.0.1)
    mime-types (1.23)
    mocha (0.14.0)
      metaclass (~> 0.0.1)
    mongrel (1.1.5)
      cgi_multipart_eof_fix (>= 2.4)
      daemons (>= 1.0.3)
      fastthread (>= 1.0.1)
      gem_plugin (>= 0.2.3)
    multi_json (1.7.6)
    multi_xml (0.5.4)
    multipart-post (1.2.0)
    my_annotations (0.6.0)
    mysql2 (0.2.18)
    oauth (0.4.7)
    polyglot (0.3.3)
    rack (1.2.8)
    rack-mount (0.6.14)
      rack (>= 1.0.0)
    rack-test (0.5.7)
      rack (>= 1.0)
    rails (3.0.6)
      actionmailer (= 3.0.6)
      actionpack (= 3.0.6)
      activerecord (= 3.0.6)
      activeresource (= 3.0.6)
      activesupport (= 3.0.6)
      bundler (~> 1.0)
      railties (= 3.0.6)
    railties (3.0.6)
      actionpack (= 3.0.6)
      activesupport (= 3.0.6)
      rake (>= 0.8.7)
      thor (~> 0.14.4)
    rake (10.0.4)
    rdoc (4.0.1)
      json (~> 1.4)
    redbox (1.0.4)
    rpx_now (0.6.24)
      json_pure
    ruby-hmac (0.4.0)
    seer (0.10.0)
    simple_oauth (0.2.0)
    soap4r (1.5.8)
      httpclient (>= 2.1.1)
    solr-ruby (0.0.8)
    thor (0.14.6)
    treetop (1.4.14)
      polyglot
      polyglot (>= 0.3.1)
    twitter (4.7.0)
      faraday (~> 0.8, < 0.10)
      multi_json (~> 1.0)
      simple_oauth (~> 0.2)
    tzinfo (0.3.37)
    validates_existence (0.8.0)
    will_paginate (3.0.4)

PLATFORMS
  ruby

DEPENDENCIES
  SystemTimer
  acts_as_trashable
  addressable
  better_logging
  crack
  daemons
  delayed_job
  dnsruby
  exception_notification
  factory_girl (<= 2.6.5)
  geokit
  google_analytics
  httparty
  json
  libxml-ruby
  markaby
  mash
  memcache-client
  mocha
  mongrel
  my_annotations
  mysql2 (< 0.3)
  oauth
  rails (= 3.0.6)
  rake
  rdoc
  redbox
  rpx_now
  ruby-hmac
  seer
  soap4r
  solr-ruby
  twitter
  tzinfo
  validates_existence
  version_info (= 0.7.1)!
  will_paginate
