PATH
  remote: vendor/gems/grosser-rpx_now-0.5.10
  specs:
    rpx_now (0.5.10)
      activesupport

PATH
  remote: vendor/gems/mperham-memcache-client-1.7.4
  specs:
    memcache-client (1.7.4)

PATH
  remote: vendor/gems/oauth-0.3.6
  specs:
    oauth (0.3.6)
      ruby-hmac (>= 0.3.1)

PATH
  remote: vendor/gems/onyx-cache-money-0.2.6.1
  specs:
    onyx-cache-money (0.2.6.1)

PATH
  remote: vendor/gems/rubaidh-google_analytics-1.1.4
  specs:
    rubaidh-google_analytics (1.1.4)

PATH
  remote: vendor/gems/ruby-hmac-0.3.2
  specs:
    ruby-hmac (0.3.2)

PATH
  remote: vendor/gems/seer-0.6.1
  specs:
    seer (0.6.1)

PATH
  remote: vendor/gems/soap4r-1.5.8
  specs:
    soap4r (1.5.8)

PATH
  remote: vendor/gems/version_info-0.7.1
  specs:
    version_info (0.7.1)

GEM
  remote: https://rubygems.org/
  specs:
    SystemTimer (1.2.3)
    actionmailer (2.3.18)
      actionpack (= 2.3.18)
    actionpack (2.3.18)
      activesupport (= 2.3.18)
      rack (~> 1.1.0)
    activerecord (2.3.18)
      activesupport (= 2.3.18)
    activeresource (2.3.18)
      activesupport (= 2.3.18)
    activesupport (2.3.18)
    addressable (2.3.4)
    cgi_multipart_eof_fix (2.5.0)
    crack (0.3.2)
    daemons (1.1.9)
    dnsruby (1.53)
    factory_girl (2.6.4)
      activesupport (>= 2.3.9)
    faraday (0.8.7)
      multipart-post (~> 1.1)
    fastthread (1.0.7)
    gem_plugin (0.2.3)
    geokit (1.6.5)
      multi_json
    httparty (0.11.0)
      multi_json (~> 1.0)
      multi_xml (>= 0.5.2)
    json (1.7.7)
    libxml-ruby (2.6.0)
    mash (0.1.1)
    metaclass (0.0.1)
    mocha (0.13.3)
      metaclass (~> 0.0.1)
    mongrel (1.1.5)
      cgi_multipart_eof_fix (>= 2.4)
      daemons (>= 1.0.3)
      fastthread (>= 1.0.1)
      gem_plugin (>= 0.2.3)
    multi_json (1.7.2)
    multi_xml (0.5.3)
    multipart-post (1.2.0)
    mysql (2.9.1)
    rack (1.1.6)
    rails (2.3.18)
      actionmailer (= 2.3.18)
      actionpack (= 2.3.18)
      activerecord (= 2.3.18)
      activeresource (= 2.3.18)
      activesupport (= 2.3.18)
      rake (>= 0.8.3)
    rake (10.0.4)
    rdoc (4.0.1)
      json (~> 1.4)
    simple_oauth (0.2.0)
    solr-ruby (0.0.8)
    twitter (4.6.2)
      faraday (~> 0.8, < 0.10)
      multi_json (~> 1.0)
      simple_oauth (~> 0.2)
    tzinfo (0.3.37)

PLATFORMS
  ruby

DEPENDENCIES
  SystemTimer
  addressable
  crack
  daemons
  dnsruby
  factory_girl
  geokit
  httparty
  json
  libxml-ruby
  mash
  memcache-client (= 1.7.4)!
  mocha
  mongrel
  mysql
  oauth (= 0.3.6)!
  onyx-cache-money (= 0.2.6.1)!
  rails (= 2.3.18)
  rake
  rdoc
  rpx_now (= 0.5.10)!
  rubaidh-google_analytics (= 1.1.4)!
  ruby-hmac (= 0.3.2)!
  seer (= 0.6.1)!
  soap4r (= 1.5.8)!
  solr-ruby
  twitter
  tzinfo
  version_info (= 0.7.1)!
